PATH
  remote: .
  specs:
    pact_mockserver_mk2 (0.0.0)
      helix_runtime (~> 0.7.0)

GEM
  remote: https://rubygems.org/
  specs:
    diff-lcs (1.3)
    helix_runtime (0.7.3)
      rake (>= 10.0)
      thor (>= 0.19.4, < 2.0)
      tomlrb (~> 1.2.4)
    rake (13.0.1)
    rspec (3.7.0)
      rspec-core (~> 3.7.0)
      rspec-expectations (~> 3.7.0)
      rspec-mocks (~> 3.7.0)
    rspec-core (3.7.1)
      rspec-support (~> 3.7.0)
    rspec-expectations (3.7.0)
      diff-lcs (>= 1.2.0, < 2.0)
      rspec-support (~> 3.7.0)
    rspec-mocks (3.7.0)
      diff-lcs (>= 1.2.0, < 2.0)
      rspec-support (~> 3.7.0)
    rspec-support (3.7.1)
    thor (0.20.0)
    tomlrb (1.2.6)

PLATFORMS
  ruby

DEPENDENCIES
  bundler (~> 1.16)
  pact_mockserver_mk2!
  rake (~> 13.0)
  rspec (~> 3.0)

BUNDLED WITH
   1.16.1
